GEM
  remote: http://rubygems.org/
  specs:
    SystemTimer (1.2.1)
    nest (1.0.1)
      redis (~> 2.1)
    ohm (0.1.3)
      nest (~> 1.0)
    rack (1.2.1)
    redis (2.1.1)
    shotgun (0.8)
      rack (>= 1.0)
    sinatra (1.1.0)
      rack (~> 1.1)
      tilt (~> 1.1)
    tilt (1.1)

PLATFORMS
  ruby

DEPENDENCIES
  SystemTimer
  ohm
  shotgun
  sinatra
